GEM
  remote: https://rubygems.org/
  specs:
    nokogiri (1.13.2-x86_64-darwin)
      racc (~> 1.4)
    nokogiri (1.13.2-x86_64-linux)
      racc (~> 1.4)
    oo2md2tex (0.1.4)
      nokogiri (~> 1.5)
      redcarpet (~> 3.5, >= 3.5.1)
      rubyzip (~> 1.3)
    racc (1.6.0)
    redcarpet (3.5.1)
    rubyzip (1.3.0)

PLATFORMS
  x86_64-darwin-19
  x86_64-darwin-20
  x86_64-linux

DEPENDENCIES
  nokogiri (>= 1.12.5)
  oo2md2tex (~> 0.1)
  redcarpet
  rubyzip

BUNDLED WITH
   2.2.15
