GEM
  remote: https://rubygems.org/
  specs:
    mini_portile2 (2.5.0)
    nokogiri (1.11.0)
      mini_portile2 (~> 2.5.0)
      racc (~> 1.4)
    oo2md2tex (0.0.12)
      nokogiri (~> 1.5)
      redcarpet (~> 2.1)
    racc (1.5.2)
    redcarpet (2.3.0)
    rubyzip (1.3.0)

PLATFORMS
  ruby

DEPENDENCIES
  nokogiri
  oo2md2tex
  redcarpet
  rubyzip (>= 1.0.0)

BUNDLED WITH
   1.14.6
